GIT
  remote: https://github.com/radiodan/wpa-cli-ruby.git
  revision: 1b92f74e20460911b82d10cacf591344de91b556
  specs:
    wpa_cli_ruby (0.0.1)

GEM
  remote: https://rubygems.org/
  specs:
    rack (1.5.2)
    rack-protection (1.5.0)
      rack
    sinatra (1.4.3)
      rack (~> 1.4)
      rack-protection (~> 1.4)
      tilt (~> 1.3, >= 1.3.4)
    tilt (1.4.1)

PLATFORMS
  ruby

DEPENDENCIES
  sinatra
  wpa_cli_ruby!
