GIT
  remote: https://github.com/radiodan/wpa-cli-ruby.git
  revision: af8da4077132337ac24d2607fb5cc02af94ff281
  specs:
    wpa_cli_ruby (0.0.1)

GEM
  remote: https://rubygems.org/
  specs:
    rack (1.5.2)
    rack-protection (1.5.0)
      rack
    shotgun (0.9)
      rack (>= 1.0)
    sinatra (1.4.3)
      rack (~> 1.4)
      rack-protection (~> 1.4)
      tilt (~> 1.3, >= 1.3.4)
    tilt (1.4.1)

PLATFORMS
  ruby

DEPENDENCIES
  shotgun
  sinatra
  wpa_cli_ruby!
